GEM
  remote: https://rubygems.org/
  specs:
    addressable (2.4.0)
    cinch (2.3.2)
    coderay (1.1.1)
    ffi (1.9.14)
    gdbm (1.3.1)
    htmlentities (4.3.4)
    method_source (0.8.2)
    mini_portile2 (2.1.0)
    nokogiri (1.6.8)
      mini_portile2 (~> 2.1.0)
      pkg-config (~> 1.1.7)
    opengraph_parser (0.2.3)
      addressable
      nokogiri
    pkg-config (1.1.7)
    pry (0.10.4)
      coderay (~> 1.1.0)
      method_source (~> 0.8.1)
      slop (~> 3.4)
    slop (3.6.0)

PLATFORMS
  ruby

DEPENDENCIES
  cinch
  ffi
  gdbm
  htmlentities
  opengraph_parser
  pry

BUNDLED WITH
   1.12.5
